PATH
  remote: .
  specs:
    eem_model (0.9.0)
      active-fedora (< 2.0.0)

GEM
  remote: http://rubygems.org/
  remote: http://sulair-rails-dev.stanford.edu/
  specs:
    active-fedora (1.2.9)
      activeresource (< 3.0.0)
      activeresource (< 3.0.0)
      mediashelf-loggable
      mime-types (>= 1.16)
      mime-types (>= 1.16)
      multipart-post
      multipart-post
      nokogiri
      nokogiri
      om (>= 1.0)
      om (>= 1.0)
      solr-ruby (>= 0.0.6)
      solr-ruby (>= 0.0.6)
      solrizer (>= 0.3.0)
      solrizer (>= 0.3.0)
      xml-simple (>= 1.0.12)
      xml-simple (>= 1.0.12)
    activeresource (2.3.14)
      activesupport (= 2.3.14)
    activesupport (2.3.14)
    daemons (1.1.5)
    highline (1.6.9)
    i18n (0.6.0)
    lyberteam-devel (0.4.1)
      highline
      pony
      rake (>= 0.8.7)
    mail (2.3.0)
      i18n (>= 0.4.0)
      mime-types (~> 1.16)
      treetop (~> 1.4.8)
    mediashelf-loggable (0.4.9)
    mime-types (1.17.2)
    multipart-post (1.1.4)
    nokogiri (1.5.0)
    om (1.4.4)
      mediashelf-loggable
      nokogiri (>= 1.4.2)
    polyglot (0.3.3)
    pony (1.4)
      mail (> 2.0)
    rake (0.9.2.2)
    solr-ruby (0.0.8)
    solrizer (1.1.2)
      daemons
      mediashelf-loggable
      nokogiri
      om (>= 1.4.0)
      stomp
      xml-simple
    stomp (1.2.0)
    treetop (1.4.10)
      polyglot
      polyglot (>= 0.3.1)
    xml-simple (1.1.1)

PLATFORMS
  ruby

DEPENDENCIES
  eem_model!
  lyberteam-devel (>= 0.4.1)
